GEM
  remote: https://rubygems.org/
  specs:
    prometheus-client (0.9.0)
      quantile (~> 0.2.1)
    puma (3.12.0)
    quantile (0.2.1)
    rack (2.0.6)

PLATFORMS
  ruby

DEPENDENCIES
  prometheus-client
  puma
  rack

BUNDLED WITH
   1.16.4
